GEM
  remote: https://rubygems.org/
  specs:
    minitest (5.8.4)
    ruby2d (0.9.2)

PLATFORMS
  ruby

DEPENDENCIES
  minitest (~> 5)
  ruby2d (~> 0.9.2)

BUNDLED WITH
   2.1.2
